GEM
  remote: https://rubygems.org/
  specs:
    byebug (11.1.1)
    curses (1.3.2)
    minitest (5.14.0)

PLATFORMS
  ruby

DEPENDENCIES
  byebug
  curses
  minitest

BUNDLED WITH
   2.1.4
